PATH
  remote: .
  specs:
    explicit_activerecord (0.2.0)
      activerecord
      activesupport
      deprecation_helper
      sorbet-runtime (>= 0.5.6293)

GEM
  remote: https://rubygems.org/
  specs:
    activemodel (8.0.2.1)
      activesupport (= 8.0.2.1)
    activerecord (8.0.2.1)
      activemodel (= 8.0.2.1)
      activesupport (= 8.0.2.1)
      timeout (>= 0.4.0)
    activesupport (8.0.2.1)
      base64
      benchmark (>= 0.3)
      bigdecimal
      concurrent-ruby (~> 1.0, >= 1.3.1)
      connection_pool (>= 2.2.5)
      drb
      i18n (>= 1.6, < 2)
      logger (>= 1.4.2)
      minitest (>= 5.1)
      securerandom (>= 0.3)
      tzinfo (~> 2.0, >= 2.0.5)
      uri (>= 0.13.1)
    base64 (0.3.0)
    benchmark (0.4.1)
    bigdecimal (3.2.3)
    coderay (1.1.3)
    concurrent-ruby (1.3.5)
    connection_pool (2.5.4)
    deprecation_helper (0.3.0)
      sorbet-runtime (~> 0.5.6293)
    diff-lcs (1.6.2)
    drb (2.2.3)
    erubi (1.13.1)
    i18n (1.14.7)
      concurrent-ruby (~> 1.0)
    logger (1.7.0)
    method_source (1.1.0)
    minitest (5.25.5)
    netrc (0.11.0)
    parallel (1.27.0)
    prism (1.5.1)
    pry (0.15.2)
      coderay (~> 1.1)
      method_source (~> 1.0)
    rbi (0.3.6)
      prism (~> 1.0)
      rbs (>= 3.4.4)
    rbs (4.0.0.dev.4)
      logger
      prism (>= 1.3.0)
    require-hooks (0.2.2)
    rexml (3.4.2)
    rspec (3.13.1)
      rspec-core (~> 3.13.0)
      rspec-expectations (~> 3.13.0)
      rspec-mocks (~> 3.13.0)
    rspec-core (3.13.5)
      rspec-support (~> 3.13.0)
    rspec-expectations (3.13.5)
      diff-lcs (>= 1.2.0, < 2.0)
      rspec-support (~> 3.13.0)
    rspec-mocks (3.13.5)
      diff-lcs (>= 1.2.0, < 2.0)
      rspec-support (~> 3.13.0)
    rspec-support (3.13.5)
    securerandom (0.4.1)
    sorbet (0.5.12435)
      sorbet-static (= 0.5.12435)
    sorbet-runtime (0.5.12435)
    sorbet-static (0.5.12435-universal-darwin)
    sorbet-static-and-runtime (0.5.12435)
      sorbet (= 0.5.12435)
      sorbet-runtime (= 0.5.12435)
    spoom (1.7.6)
      erubi (>= 1.10.0)
      prism (>= 0.28.0)
      rbi (>= 0.3.3)
      rbs (>= 4.0.0.dev.4)
      rexml (>= 3.2.6)
      sorbet-static-and-runtime (>= 0.5.10187)
      thor (>= 0.19.2)
    sqlite3 (2.7.3-arm64-darwin)
    tapioca (0.17.7)
      benchmark
      bundler (>= 2.2.25)
      netrc (>= 0.11.0)
      parallel (>= 1.21.0)
      rbi (>= 0.3.1)
      require-hooks (>= 0.2.2)
      sorbet-static-and-runtime (>= 0.5.11087)
      spoom (>= 1.7.0)
      thor (>= 1.2.0)
      yard-sorbet
    thor (1.4.0)
    timeout (0.4.3)
    tzinfo (2.0.6)
      concurrent-ruby (~> 1.0)
    uri (1.0.3)
    yard (0.9.37)
    yard-sorbet (0.9.0)
      sorbet-runtime
      yard

PLATFORMS
  arm64-darwin
  universal-darwin

DEPENDENCIES
  explicit_activerecord!
  pry
  rspec (~> 3.0)
  sorbet
  sqlite3
  tapioca

BUNDLED WITH
   2.7.1
